GEM
  remote: http://rubygems.org/
  specs:
    aws-sdk (2.0.31)
      aws-sdk-resources (= 2.0.31)
    aws-sdk-core (2.0.31)
      builder (~> 3.0)
      jmespath (~> 1.0)
      multi_json (~> 1.0)
      multi_xml (~> 0.5)
    aws-sdk-resources (2.0.31)
      aws-sdk-core (= 2.0.31)
    builder (3.2.2)
    coderay (1.1.0)
    ffi (1.9.8)
    jmespath (1.0.2)
      multi_json (~> 1.0)
    method_source (0.8.2)
    multi_json (1.11.0)
    multi_xml (0.5.5)
    pocketsphinx-ruby (0.2.0)
      ffi (>= 1.9)
    pry (0.10.1)
      coderay (~> 1.1.0)
      method_source (~> 0.8.1)
      slop (~> 3.4)
    pry-nav (0.2.4)
      pry (>= 0.9.10, < 0.11.0)
    slop (3.6.0)

PLATFORMS
  ruby

DEPENDENCIES
  aws-sdk
  pocketsphinx-ruby
  pry-nav
